PATH
  remote: .
  specs:
    nobrainer-references (1.0.0)
      nobrainer (~> 0.44)

GEM
  remote: https://rubygems.org/
  specs:
    activemodel (7.2.2.1)
      activesupport (= 7.2.2.1)
    activesupport (7.2.2.1)
      base64
      benchmark (>= 0.3)
      bigdecimal
      concurrent-ruby (~> 1.0, >= 1.3.1)
      connection_pool (>= 2.2.5)
      drb
      i18n (>= 1.6, < 2)
      logger (>= 1.4.2)
      minitest (>= 5.1)
      securerandom (>= 0.3)
      tzinfo (~> 2.0, >= 2.0.5)
    base64 (0.2.0)
    benchmark (0.4.0)
    bigdecimal (3.1.8)
    concurrent-ruby (1.3.4)
    connection_pool (2.4.1)
    diff-lcs (1.5.1)
    drb (2.2.1)
    factory_bot (6.5.0)
      activesupport (>= 5.0.0)
    faker (3.5.1)
      i18n (>= 1.8.11, < 2)
    i18n (1.14.6)
      concurrent-ruby (~> 1.0)
    logger (1.6.2)
    middleware (0.1.0)
    minitest (5.25.4)
    nobrainer (0.44.1)
      activemodel (>= 4.1.0, < 8)
      activesupport (>= 4.1.0, < 8)
      middleware (~> 0.1.0)
      rethinkdb (>= 2.3.0, < 2.5)
      symbol_decoration (~> 1.1)
    rethinkdb (2.4.0.0)
    rspec (3.13.0)
      rspec-core (~> 3.13.0)
      rspec-expectations (~> 3.13.0)
      rspec-mocks (~> 3.13.0)
    rspec-core (3.13.2)
      rspec-support (~> 3.13.0)
    rspec-expectations (3.13.3)
      diff-lcs (>= 1.2.0, < 2.0)
      rspec-support (~> 3.13.0)
    rspec-mocks (3.13.2)
      diff-lcs (>= 1.2.0, < 2.0)
      rspec-support (~> 3.13.0)
    rspec-support (3.13.2)
    securerandom (0.4.0)
    symbol_decoration (1.1.0)
    tzinfo (2.0.6)
      concurrent-ruby (~> 1.0)

PLATFORMS
  ruby

DEPENDENCIES
  factory_bot
  faker
  nobrainer-references!
  rspec

RUBY VERSION
   ruby 3.3.6p108

BUNDLED WITH
   2.5.23
